GEM
  remote: http://rubygems.org/
  specs:
    addressable (2.2.6)
    backports (2.3.0)
    configuration (1.3.1)
    faraday (0.7.4)
      addressable (~> 2.2.6)
      multipart-post (~> 1.1.0)
      rack (>= 1.1.0, < 2)
    faraday_middleware (0.7.0)
      faraday (~> 0.7.3)
    foreman (0.19.0)
      term-ansicolor (~> 1.0.5)
      thor (>= 0.13.6)
    haml (3.1.2)
    hashie (1.0.0)
    heroku (2.3.6)
      launchy (>= 0.3.2)
      rest-client (~> 1.6.1)
      term-ansicolor (~> 1.0.5)
    launchy (0.4.0)
      configuration (>= 0.0.5)
      rake (>= 0.8.1)
    mime-types (1.16)
    monkey-lib (0.5.4)
      backports
    multi_json (1.0.3)
    multi_xml (0.2.2)
    multipart-post (1.1.3)
    rack (1.3.1)
    rake (0.9.2)
    redis (2.2.1)
    rest-client (1.6.3)
      mime-types (>= 1.16)
    simple_oauth (0.1.5)
    sinatra (1.2.6)
      rack (~> 1.1)
      tilt (>= 1.2.2, < 2.0)
    sinatra-advanced-routes (0.5.1)
      monkey-lib (~> 0.5.0)
      sinatra (~> 1.0)
      sinatra-sugar (~> 0.5.0)
    sinatra-reloader (0.5.0)
      sinatra (~> 1.0)
      sinatra-advanced-routes (~> 0.5.0)
    sinatra-sugar (0.5.1)
      monkey-lib (~> 0.5.0)
      sinatra (~> 1.0)
    term-ansicolor (1.0.5)
    thor (0.14.6)
    tilt (1.3.2)
    twitter (1.6.1)
      faraday (~> 0.7.4)
      faraday_middleware (~> 0.7.0)
      hashie (~> 1.0.0)
      multi_json (~> 1.0.0)
      multi_xml (~> 0.2.0)
      simple_oauth (~> 0.1.5)

PLATFORMS
  ruby

DEPENDENCIES
  foreman
  haml
  heroku
  redis
  sinatra
  sinatra-reloader
  twitter
